PATH
  remote: .
  specs:
    fluent-plugin-deis_output (0.1.0)
      fluent-mixin-config-placeholders
      fluent-mixin-plaintextformatter
      fluent-mixin-rewrite-tag-name
      fluentd
      influxdb
      nsq-ruby
      yajl-ruby

GEM
  remote: https://rubygems.org/
  specs:
    concurrent-ruby (1.1.9)
    cool.io (1.7.1)
    fluent-mixin-config-placeholders (0.4.0)
      fluentd
      uuidtools (>= 2.1.5)
    fluent-mixin-plaintextformatter (0.2.6)
      fluentd
      ltsv
    fluent-mixin-rewrite-tag-name (0.1.0)
      fluentd
    fluentd (1.14.3)
      bundler
      cool.io (>= 1.4.5, < 2.0.0)
      http_parser.rb (>= 0.5.1, < 0.9.0)
      msgpack (>= 1.3.1, < 2.0.0)
      serverengine (>= 2.2.2, < 3.0.0)
      sigdump (~> 0.2.2)
      strptime (>= 0.2.4, < 1.0.0)
      tzinfo (>= 1.0, < 3.0)
      tzinfo-data (~> 1.0)
      webrick (>= 1.4.2, < 1.8.0)
      yajl-ruby (~> 1.0)
    http_parser.rb (0.8.0)
    influxdb (0.8.1)
    ltsv (0.1.2)
    msgpack (1.4.2)
    nsq-ruby (2.3.1)
    power_assert (2.0.1)
    rake (13.0.6)
    serverengine (2.2.4)
      sigdump (~> 0.2.2)
    sigdump (0.2.4)
    strptime (0.2.5)
    test-unit (3.0.9)
      power_assert
    tzinfo (2.0.4)
      concurrent-ruby (~> 1.0)
    tzinfo-data (1.2021.5)
      tzinfo (>= 1.0.0)
    uuidtools (2.2.0)
    webrick (1.7.0)
    yajl-ruby (1.4.1)

PLATFORMS
  ruby

DEPENDENCIES
  bundler
  fluent-plugin-deis_output!
  rake
  test-unit

BUNDLED WITH
   2.1.4
